GEM
  remote: http://rubygems.org/
  specs:
    amq-client (0.8.7)
      amq-protocol (>= 0.8.4)
      eventmachine
    amq-protocol (0.8.4)
    amqp (0.8.4)
      amq-client (~> 0.8.7)
      amq-protocol (~> 0.8.4)
      eventmachine
    cf-runtime (0.0.1)
      crack (~> 0.3.1)
    crack (0.3.1)
    eventmachine (0.12.10)
    json_pure (1.6.3)
    rack (1.3.5)
    rack-protection (1.1.4)
      rack
    sinatra (1.3.1)
      rack (~> 1.3, >= 1.3.4)
      rack-protection (~> 1.1, >= 1.1.2)
      tilt (~> 1.3, >= 1.3.3)
    tilt (1.3.3)

PLATFORMS
  ruby

DEPENDENCIES
  amqp
  cf-runtime
  json_pure
  sinatra
