GEM
  remote: http://rubygems.org/
  specs:
    bson (1.5.2)
    carrot (1.2.0)
    cf-runtime (0.0.1)
      crack (~> 0.3.1)
    crack (0.3.1)
    json (1.6.3)
    mongo (1.5.2)
      bson (= 1.5.2)
    mysql2 (0.3.11)
    pg (0.11.0)
    rack (1.3.5)
    rack-protection (1.1.4)
      rack
    redis (2.2.2)
    sinatra (1.3.1)
      rack (~> 1.3, >= 1.3.4)
      rack-protection (~> 1.1, >= 1.1.2)
      tilt (~> 1.3, >= 1.3.3)
    tilt (1.3.3)

PLATFORMS
  ruby

DEPENDENCIES
  carrot
  cf-runtime
  json
  mongo
  mysql2
  pg (~> 0.11.0)
  redis
  sinatra
