PATH
  remote: .
  specs:
    cf-autoconfig (0.0.4)
      cf-runtime (= 0.0.2)

GEM
  remote: http://rubygems.org/
  specs:
    amq-client (0.9.2)
      amq-protocol (>= 0.9.0)
      eventmachine
    amq-protocol (0.9.0)
    amqp (0.9.4)
      amq-client (~> 0.9.2)
      amq-protocol (>= 0.9.0)
      eventmachine
    bson (1.6.1)
    builder (3.0.0)
    carrot (1.2.0)
    cf-runtime (0.0.2)
    ci_reporter (1.6.9)
      builder (>= 2.1.2)
    diff-lcs (1.1.3)
    eventmachine (0.12.10)
    mongo (1.2.4)
      bson (>= 1.2.4)
    multi_json (1.1.0)
    mysql2 (0.2.18)
    pg (0.11.0)
    rake (0.9.2.2)
    redis (2.2.2)
    rspec (2.6.0)
      rspec-core (~> 2.6.0)
      rspec-expectations (~> 2.6.0)
      rspec-mocks (~> 2.6.0)
    rspec-core (2.6.4)
    rspec-expectations (2.6.0)
      diff-lcs (~> 1.1.2)
    rspec-mocks (2.6.0)
    simplecov (0.6.1)
      multi_json (~> 1.0)
      simplecov-html (~> 0.5.3)
    simplecov-html (0.5.3)
    simplecov-rcov (0.2.3)
      simplecov (>= 0.4.1)

PLATFORMS
  ruby

DEPENDENCIES
  amqp (~> 0.8)
  carrot (~> 1.0)
  cf-autoconfig!
  ci_reporter (~> 1.6.5)
  mongo (~> 1.2.0)
  mysql2 (~> 0.2.7)
  pg (~> 0.11.0)
  rake (~> 0.9.2)
  redis (~> 2.0)
  rspec (~> 2.6.0)
  simplecov (~> 0.6.1)
  simplecov-rcov (~> 0.2.3)
