PATH
  remote: .
  specs:
    cf-runtime (0.2.0)

GEM
  remote: http://rubygems.org/
  specs:
    amq-client (0.9.4)
      amq-protocol (>= 0.9.4)
      eventmachine
    amq-protocol (0.9.4)
    amqp (0.9.7)
      amq-client (~> 0.9.4)
      amq-protocol (>= 0.9.4)
      eventmachine
    aws-s3 (0.6.3)
      builder
      mime-types
      xml-simple
    bson (1.6.4)
    builder (3.0.0)
    carrot (1.2.0)
    ci_reporter (1.6.9)
      builder (>= 2.1.2)
    dalli (2.6.4)
    diff-lcs (1.1.3)
    eventmachine (0.12.10)
    mime-types (1.19)
    mongo (1.2.4)
      bson (>= 1.2.4)
    multi_json (1.3.6)
    mysql2 (0.2.18)
    pg (0.11.0)
    rack (1.4.1)
    rack-test (0.6.1)
      rack (>= 1.0)
    rake (0.9.2.2)
    redis (2.2.2)
    rspec (2.6.0)
      rspec-core (~> 2.6.0)
      rspec-expectations (~> 2.6.0)
      rspec-mocks (~> 2.6.0)
    rspec-core (2.6.4)
    rspec-expectations (2.6.0)
      diff-lcs (~> 1.1.2)
    rspec-mocks (2.6.0)
    simplecov (0.6.4)
      multi_json (~> 1.0)
      simplecov-html (~> 0.5.3)
    simplecov-html (0.5.3)
    simplecov-rcov (0.2.3)
      simplecov (>= 0.4.1)
    xml-simple (1.1.1)

PLATFORMS
  ruby

DEPENDENCIES
  amqp (~> 0.8)
  aws-s3 (~> 0.6.3)
  carrot (~> 1.0)
  cf-runtime!
  ci_reporter (~> 1.6.5)
  dalli (~> 2.6.4)
  mongo (~> 1.2.0)
  mysql2 (~> 0.2.7)
  pg (~> 0.11.0)
  rack-test (~> 0.6.1)
  rake (~> 0.9.2)
  redis (~> 2.0)
  rspec (~> 2.6.0)
  simplecov (~> 0.6.1)
  simplecov-rcov (~> 0.2.3)
