GEM
  remote: http://rubygems.org/
  specs:
    addressable (2.2.6)
    builder (3.0.0)
    ci_reporter (1.6.8)
      builder (>= 2.1.2)
    curb (0.7.16)
    diff-lcs (1.1.3)
    interact (0.3)
    json_pure (1.5.4)
      spruz (~> 0.2.8)
    mime-types (1.17.2)
    rake (0.9.2.2)
    rcov (0.9.11)
    rest-client (1.6.7)
      mime-types (>= 1.16)
    rspec (2.6.0)
      rspec-core (~> 2.6.0)
      rspec-expectations (~> 2.6.0)
      rspec-mocks (~> 2.6.0)
    rspec-core (2.6.4)
    rspec-expectations (2.6.0)
      diff-lcs (~> 1.1.2)
    rspec-mocks (2.6.0)
    rubyzip2 (2.0.2)
    spruz (0.2.13)
    terminal-table (1.4.4)
    vmc (0.3.14)
      addressable (~> 2.2.6)
      interact (~> 0.3.0)
      json_pure (~> 1.5.1)
      rest-client (>= 1.6.1, < 1.7.0)
      rubyzip2 (~> 2.0.1)
      terminal-table (~> 1.4.2)

PLATFORMS
  ruby

DEPENDENCIES
  ci_reporter (~> 1.6.5)
  curb
  rake (~> 0.9.2)
  rcov (~> 0.9.10)
  rspec (~> 2.6.0)
  vmc
